GEM
  remote: https://rubygems.org/
  specs:
    curb (0.9.1)
    dotenv (2.1.0)
    mini_portile2 (2.0.0)
    nokogiri (1.6.7.2)
      mini_portile2 (~> 2.0.0.rc2)

PLATFORMS
  ruby

DEPENDENCIES
  curb
  dotenv
  nokogiri

BUNDLED WITH
   1.10.6
